GEM
  remote: https://rubygems.org/
  specs:
    ansi (1.5.0)
    ast (2.4.2)
    bigdecimal (3.1.8)
    csv (3.3.0)
    httparty (0.22.0)
      csv
      mini_mime (>= 1.0.0)
      multi_xml (>= 0.5.2)
    mini_mime (1.1.5)
    multi_xml (0.7.1)
      bigdecimal (~> 3.1)
    oga (3.4)
      ast
      ruby-ll (~> 2.1)
    ruby-ll (2.1.3)
      ansi
      ast

PLATFORMS
  arm-linux-androideabi
  ruby

DEPENDENCIES
  httparty (~> 0.22.0)
  oga (~> 3.4)

BUNDLED WITH
   2.5.10
